GEM
  remote: https://rubygems.org/
  specs:
    activemodel (4.0.0.beta1)
      activesupport (= 4.0.0.beta1)
      builder (~> 3.1.0)
    activesupport (4.0.0.beta1)
      i18n (~> 0.6.2)
      minitest (~> 4.2)
      multi_json (~> 1.3)
      thread_safe (~> 0.1)
      tzinfo (~> 0.3.33)
    atomic (1.1.4)
    builder (3.1.4)
    faraday (0.8.7)
      multipart-post (~> 1.1)
    google_drive (0.3.5)
      nokogiri (>= 1.4.4, != 1.5.2, != 1.5.1)
      oauth (>= 0.3.6)
      oauth2 (>= 0.5.0)
    harvested (0.6.4)
      hashie (~> 1)
      httparty
      json
    hashie (1.2.0)
    httparty (0.10.2)
      multi_json (~> 1.0)
      multi_xml (>= 0.5.2)
    httpauth (0.2.0)
    i18n (0.6.4)
    json (1.7.7)
    jwt (0.1.8)
      multi_json (>= 1.5)
    minitest (4.7.0)
    multi_json (1.7.2)
    multi_xml (0.5.3)
    multipart-post (1.2.0)
    nokogiri (1.5.9)
    oauth (0.4.7)
    oauth2 (0.9.1)
      faraday (~> 0.8)
      httpauth (~> 0.1)
      jwt (~> 0.1.4)
      multi_json (~> 1.0)
      multi_xml (~> 0.5)
      rack (~> 1.2)
    quickeebooks (0.1.6)
      activemodel
      nokogiri
      oauth
      roxml
      uuidtools
    rack (1.5.2)
    roxml (3.3.1)
      activesupport (>= 2.3.0)
      nokogiri (>= 1.3.3)
    thread_safe (0.1.0)
      atomic
    tzinfo (0.3.37)
    uuidtools (2.1.3)

PLATFORMS
  ruby

DEPENDENCIES
  google_drive
  harvested
  quickeebooks
